GEM
  remote: http://rubygems.org/
  specs:
    curb (0.7.15)
    json (1.6.1)
    nokogiri (1.5.0)

PLATFORMS
  ruby

DEPENDENCIES
  curb
  json
  nokogiri
